GEM
  remote: https://rubygems.org/
  specs:
    animate (0.2.beta.0)
      compass (>= 0.13.alpha.0)
      sass (>= 3.2.0)
    ceaser-easing (0.6.1)
      compass (>= 0.12.2)
    chunky_png (1.2.8)
    compass (0.13.alpha.4)
      chunky_png (~> 1.2)
      listen (<= 0.9.9)
      sass (~> 3.2.5)
    compass-normalize (1.4.3)
      compass (>= 0.12.0)
    compass-recipes (0.3.0)
      compass (>= 0.12.2)
      compass-normalize (>= 1.3)
      sass (>= 3.2.1)
    listen (0.7.3)
    sass (3.2.9)

PLATFORMS
  ruby

DEPENDENCIES
  animate (>= 0.2.beta.0)
  ceaser-easing (~> 0.6.1)
  compass (>= 0.13.alpha.4)
  compass-normalize (>= 1.3)
  compass-recipes (~> 0.3.0)
  sass (>= 3.2.0)
